GEM
  remote: https://rubygems.org/
  specs:
    bson (1.9.1)
    bson_ext (1.9.1)
      bson (~> 1.9.1)
    daemons (1.1.9)
    eventmachine (0.12.10)
    json (1.7.7)
    macaddr (1.6.1)
      systemu (~> 2.5.0)
    mongo (1.9.1)
      bson (~> 1.9.1)
    rack (1.4.1)
    sinatra (1.1.0)
      rack (~> 1.1)
      tilt (~> 1.1)
    sinatra-cross_origin (0.2.0)
    systemu (2.5.2)
    thin (1.4.1)
      daemons (>= 1.0.9)
      eventmachine (>= 0.12.6)
      rack (>= 1.0.0)
    tilt (1.3.3)
    uuid (2.3.7)
      macaddr (~> 1.0)

PLATFORMS
  ruby

DEPENDENCIES
  bson_ext
  json
  mongo
  sinatra (= 1.1.0)
  sinatra-cross_origin
  thin
  uuid
